PATH
  remote: .
  specs:
    cramp (0.15.1.custom)
      activesupport (~> 3.2.1)
      eventmachine (~> 1.0.0.beta.3)
      faye-websocket (~> 0.4.4)
      rack (~> 1.4.1)
      thor (~> 0.16.0)

GEM
  remote: http://rubygems.org/
  specs:
    activemodel (3.2.9)
      activesupport (= 3.2.9)
      builder (~> 3.0.0)
    activerecord (3.2.9)
      activemodel (= 3.2.9)
      activesupport (= 3.2.9)
      arel (~> 3.0.2)
      tzinfo (~> 0.3.29)
    activesupport (3.2.9)
      i18n (~> 0.6)
      multi_json (~> 1.0)
    addressable (2.3.2)
    ansi (1.4.3)
    arel (3.0.2)
    async-rack (0.5.1)
      rack (~> 1.1)
    async_sinatra (1.0.0)
      rack (>= 1.4.1)
      sinatra (>= 1.3.2)
    builder (3.0.4)
    cookiejar (0.3.0)
    daemons (1.1.9)
    em-http-request (1.0.3)
      addressable (>= 2.2.3)
      cookiejar
      em-socksify
      eventmachine (>= 1.0.0.beta.4)
      http_parser.rb (>= 0.5.3)
    em-socksify (0.2.1)
      eventmachine (>= 1.0.0.beta.4)
    em-synchrony (1.0.2)
      eventmachine (>= 1.0.0.beta.1)
    erubis (2.7.0)
    eventmachine (1.0.0)
    eventmachine (1.0.0-x86-mingw32)
    faye-websocket (0.4.6)
      eventmachine (>= 0.12.0)
    http_parser.rb (0.5.3)
    http_parser.rb (0.5.3-x86-mingw32)
    http_router (0.11.0)
      rack (>= 1.0.0)
      url_mount (~> 0.2.1)
    i18n (0.6.1)
    kgio (2.7.4)
    multi_json (1.3.7)
    mysql2 (0.2.18)
    mysql2 (0.2.18-x86-mingw32)
    rack (1.4.1)
    rack-protection (1.2.0)
      rack
    rainbows (4.4.1)
      kgio (~> 2.5)
      rack (~> 1.1)
      unicorn (~> 4.1)
    raindrops (0.10.0)
    sinatra (1.3.3)
      rack (~> 1.3, >= 1.3.6)
      rack-protection (~> 1.2)
      tilt (~> 1.3, >= 1.3.3)
    thin (1.2.11)
      daemons (>= 1.0.9)
      eventmachine (>= 0.12.6)
      rack (>= 1.0.0)
    thin (1.2.11-x86-mingw32)
      daemons (>= 1.0.9)
      eventmachine (>= 0.12.6)
      rack (>= 1.0.0)
    thor (0.16.0)
    tilt (1.3.3)
    turn (0.9.6)
      ansi
    tzinfo (0.3.35)
    unicorn (4.4.0)
      kgio (~> 2.6)
      rack
      raindrops (~> 0.7)
    url_mount (0.2.1)
      rack
    yajl-ruby (1.1.0)
    yajl-ruby (1.1.0-x86-mingw32)

PLATFORMS
  ruby
  x86-mingw32

DEPENDENCIES
  activerecord (~> 3.2.1)
  async-rack
  async_sinatra
  cramp!
  em-http-request
  em-synchrony
  erubis
  http_router
  mysql2 (~> 0.2.11)
  rainbows
  thin (~> 1.2.11)
  turn
  yajl-ruby
